GEM
  remote: https://rubygems.org/
  specs:
    celluloid (0.17.3)
      celluloid-essentials
      celluloid-extras
      celluloid-fsm
      celluloid-pool
      celluloid-supervision
      timers (>= 4.1.1)
    celluloid-essentials (0.20.5)
      timers (>= 4.1.1)
    celluloid-extras (0.20.5)
      timers (>= 4.1.1)
    celluloid-fsm (0.20.5)
      timers (>= 4.1.1)
    celluloid-io (0.17.3)
      celluloid (>= 0.17.2)
      nio4r (>= 1.1)
      timers (>= 4.1.1)
    celluloid-pool (0.20.5)
      timers (>= 4.1.1)
    celluloid-supervision (0.20.6)
      timers (>= 4.1.1)
    cinch (2.3.3)
    hitimes (1.2.4)
    httparty (0.14.0)
      multi_xml (>= 0.5.2)
    jwt (1.4.1)
    multi_xml (0.6.0)
    nio4r (2.0.0)
    puma (3.7.1)
    rack (1.6.5)
    rack-protection (1.5.3)
      rack
    redis (3.2.1)
    sinatra (1.4.8)
      rack (~> 1.5)
      rack-protection (~> 1.4)
      tilt (>= 1.3, < 3)
    tilt (2.0.6)
    timers (4.1.2)
      hitimes

PLATFORMS
  ruby

DEPENDENCIES
  celluloid-io
  cinch
  httparty
  jwt
  puma
  redis
  sinatra

BUNDLED WITH
   1.14.4
